GEM
  remote: http://rubygems.org/
  specs:
    vertica (0.11.4)

PLATFORMS
  ruby

DEPENDENCIES
  vertica

BUNDLED WITH
   1.11.2
